GEM
  remote: https://rubygems.org/
  specs:
    leonardita (0.1.0)
      nokogiri (~> 1.11)
    mustermann (1.1.1)
      ruby2_keywords (~> 0.0.1)
    nio4r (2.5.7)
    nokogiri (1.11.7-x86_64-darwin)
      racc (~> 1.4)
    nokogiri (1.11.7-x86_64-linux)
      racc (~> 1.4)
    oj (3.11.7)
    oj_mimic_json (1.0.1)
    puma (5.3.2)
      nio4r (~> 2.0)
    racc (1.5.2)
    rack (2.2.3)
    rack-cache (1.12.1)
      rack (>= 0.4)
    rack-protection (2.1.0)
      rack
    ruby2_keywords (0.0.4)
    sinatra (2.1.0)
      mustermann (~> 1.0)
      rack (~> 2.2)
      rack-protection (= 2.1.0)
      tilt (~> 2.0)
    tilt (2.0.10)

PLATFORMS
  x86_64-darwin-20
  x86_64-linux

DEPENDENCIES
  leonardita
  oj
  oj_mimic_json
  puma
  rack-cache
  sinatra

RUBY VERSION
   ruby 3.0.1p64

BUNDLED WITH
   2.2.17
